GEM
  remote: http://ruby.taobao.org/
  specs:
    diff-lcs (1.2.5)
    guid (0.1.1)
    imgkit (1.6.1)
    rmagick (2.15.2)
    rspec (3.3.0)
      rspec-core (~> 3.3.0)
      rspec-expectations (~> 3.3.0)
      rspec-mocks (~> 3.3.0)
    rspec-core (3.3.1)
      rspec-support (~> 3.3.0)
    rspec-expectations (3.3.0)
      diff-lcs (>= 1.2.0, < 2.0)
      rspec-support (~> 3.3.0)
    rspec-mocks (3.3.1)
      diff-lcs (>= 1.2.0, < 2.0)
      rspec-support (~> 3.3.0)
    rspec-support (3.3.0)
    wkhtmltoimage-binary (0.12.1)

PLATFORMS
  ruby

DEPENDENCIES
  guid
  imgkit
  rmagick
  rspec
  rspec-core
  wkhtmltoimage-binary

BUNDLED WITH
   1.10.4
