GEM
  remote: http://ruby.taobao.org/
  specs:
    imgkit (1.6.1)
    wkhtmltoimage-binary (0.12.1)

PLATFORMS
  ruby

DEPENDENCIES
  imgkit
  wkhtmltoimage-binary

BUNDLED WITH
   1.10.4
